GEM
  remote: https://rubygems.org/
  specs:
    activesupport (5.1.4)
      concurrent-ruby (~> 1.0, >= 1.0.2)
      i18n (~> 0.7)
      minitest (~> 5.1)
      tzinfo (~> 1.1)
    ansi (1.5.0)
    builder (3.2.3)
    byebug (9.1.0)
    colsole (0.5.2)
    concurrent-ruby (1.0.5)
    docopt (0.6.0)
    i18n (0.9.1)
      concurrent-ruby (~> 1.0)
    minitest (5.11.1)
    minitest-reporters (1.1.19)
      ansi
      builder
      minitest (>= 5.0)
      ruby-progressbar
    pretty_trace (0.2.1)
    rake (12.3.0)
    ruby-progressbar (1.9.0)
    runfile (0.10.0)
      colsole (~> 0.5)
      docopt (~> 0.5)
    thread_safe (0.3.6)
    tzinfo (1.2.4)
      thread_safe (~> 0.1)
    whois (4.0.5)
    whois-parser (1.0.1)
      activesupport (>= 4)
      whois (>= 4.0.0)

PLATFORMS
  ruby

DEPENDENCIES
  byebug
  minitest
  minitest-reporters
  pretty_trace
  rake
  runfile
  whois
  whois-parser

BUNDLED WITH
   1.16.1
