GEM
  remote: https://rubygems.org/
  specs:
    activesupport (7.0.4.1)
      concurrent-ruby (~> 1.0, >= 1.0.2)
      i18n (>= 1.6, < 2)
      minitest (>= 5.1)
      tzinfo (~> 2.0)
    ansi (1.5.0)
    builder (3.2.4)
    byebug (11.1.3)
    colsole (0.8.1)
    concurrent-ruby (1.1.10)
    docopt (0.6.1)
    i18n (1.12.0)
      concurrent-ruby (~> 1.0)
    minitest (5.17.0)
    minitest-reporters (1.5.0)
      ansi
      builder
      minitest (>= 5.0)
      ruby-progressbar
    pretty_trace (0.2.5)
    rake (13.0.6)
    ruby-progressbar (1.11.0)
    runfile (0.12.0)
      docopt (~> 0.5)
    tzinfo (2.0.5)
      concurrent-ruby (~> 1.0)
    whois (5.1.0)
    whois-parser (2.0.0)
      activesupport (>= 4)
      whois (>= 4.1.0)

PLATFORMS
  ruby

DEPENDENCIES
  byebug
  colsole
  minitest
  minitest-reporters
  pretty_trace
  rake
  runfile
  whois-parser

BUNDLED WITH
   2.4.3
