GEM
  remote: https://rubygems.org/
  specs:
    activesupport (6.1.4.1)
      concurrent-ruby (~> 1.0, >= 1.0.2)
      i18n (>= 1.6, < 2)
      minitest (>= 5.1)
      tzinfo (~> 2.0)
      zeitwerk (~> 2.3)
    ansi (1.5.0)
    builder (3.2.4)
    byebug (11.1.3)
    colsole (0.7.2)
    concurrent-ruby (1.1.9)
    docopt (0.6.1)
    i18n (1.8.10)
      concurrent-ruby (~> 1.0)
    minitest (5.14.4)
    minitest-reporters (1.4.3)
      ansi
      builder
      minitest (>= 5.0)
      ruby-progressbar
    pretty_trace (0.2.5)
    rake (13.0.6)
    ruby-progressbar (1.11.0)
    runfile (0.12.0)
      docopt (~> 0.5)
    tzinfo (2.0.4)
      concurrent-ruby (~> 1.0)
    whois (5.0.2)
    whois-parser (1.2.0)
      activesupport (>= 4)
      whois (>= 4.0.7)
    zeitwerk (2.4.2)

PLATFORMS
  ruby

DEPENDENCIES
  byebug
  colsole
  minitest
  minitest-reporters
  pretty_trace
  rake
  runfile
  whois
  whois-parser

BUNDLED WITH
   2.2.26
