GEM
  remote: https://rubygems.org/
  specs:
    activesupport (7.0.7.2)
      concurrent-ruby (~> 1.0, >= 1.0.2)
      i18n (>= 1.6, < 2)
      minitest (>= 5.1)
      tzinfo (~> 2.0)
    byebug (11.1.3)
    colsole (1.0.0)
    concurrent-ruby (1.2.2)
    docopt_ng (0.7.1)
    gtx (0.1.0)
    i18n (1.14.1)
      concurrent-ruby (~> 1.0)
    minitest (5.19.0)
    pretty_trace (0.2.5)
    requires (1.0.1)
    runfile (1.0.1)
      colsole (>= 0.8.2, < 2.0)
      docopt_ng (~> 0.7)
      gtx (~> 0.1)
      requires (>= 0.2, < 2.0)
    tzinfo (2.0.6)
      concurrent-ruby (~> 1.0)
    whois (5.1.0)
    whois-parser (2.0.0)
      activesupport (>= 4)
      whois (>= 4.1.0)

PLATFORMS
  x86_64-linux

DEPENDENCIES
  byebug
  colsole
  pretty_trace
  runfile
  whois-parser

BUNDLED WITH
   2.3.26
