GEM
  remote: https://rubygems.org/
  specs:
    ansi (1.5.0)
    builder (3.2.3)
    colsole (0.4.1)
    docopt (0.6.0)
    minitest (5.10.1)
    minitest-reporters (1.1.14)
      ansi
      builder
      minitest (>= 5.0)
      ruby-progressbar
    ruby-progressbar (1.8.1)
    runfile (0.9.1)
      colsole (~> 0.4)
      docopt (~> 0.5)
    whois (4.0.1)

PLATFORMS
  ruby

DEPENDENCIES
  minitest
  minitest-reporters
  runfile
  whois

BUNDLED WITH
   1.14.6
