GEM
  remote: https://rubygems.org/
  specs:
    activesupport (4.2.4)
      i18n (~> 0.7)
      json (~> 1.7, >= 1.7.7)
      minitest (~> 5.1)
      thread_safe (~> 0.3, >= 0.3.4)
      tzinfo (~> 1.1)
    colsole (0.2.0)
    docopt (0.5.0)
    i18n (0.7.0)
    json (1.8.3)
    minitest (5.8.2)
    runfile (0.5.0)
      colsole (~> 0.2)
      docopt (~> 0.5)
    thread_safe (0.3.5)
    tzinfo (1.2.2)
      thread_safe (~> 0.1)
    whois (3.6.2)
      activesupport (>= 3)

PLATFORMS
  ruby

DEPENDENCIES
  runfile
  whois
