GEM
  remote: https://rubygems.org/
  specs:
    activesupport (7.0.4.3)
      concurrent-ruby (~> 1.0, >= 1.0.2)
      i18n (>= 1.6, < 2)
      minitest (>= 5.1)
      tzinfo (~> 2.0)
    ansi (1.5.0)
    builder (3.2.4)
    byebug (11.1.3)
    colsole (1.0.0)
    concurrent-ruby (1.2.2)
    docopt_ng (0.7.1)
    gtx (0.1.0)
    i18n (1.12.0)
      concurrent-ruby (~> 1.0)
    minitest (5.18.0)
    minitest-reporters (1.6.0)
      ansi
      builder
      minitest (>= 5.0)
      ruby-progressbar
    pretty_trace (0.2.5)
    rake (13.0.6)
    requires (1.0.1)
    ruby-progressbar (1.13.0)
    runfile (1.0.1)
      colsole (>= 0.8.2, < 2.0)
      docopt_ng (~> 0.7)
      gtx (~> 0.1)
      requires (>= 0.2, < 2.0)
    tzinfo (2.0.6)
      concurrent-ruby (~> 1.0)
    whois (5.1.0)
    whois-parser (2.0.0)
      activesupport (>= 4)
      whois (>= 4.1.0)

PLATFORMS
  ruby

DEPENDENCIES
  byebug
  colsole
  minitest
  minitest-reporters
  pretty_trace
  rake
  runfile
  whois-parser

BUNDLED WITH
   2.4.8
