GEM
  remote: https://rubygems.org/
  specs:
    activesupport (6.0.2.1)
      concurrent-ruby (~> 1.0, >= 1.0.2)
      i18n (>= 0.7, < 2)
      minitest (~> 5.1)
      tzinfo (~> 1.1)
      zeitwerk (~> 2.2)
    ansi (1.5.0)
    builder (3.2.4)
    byebug (11.1.1)
    colsole (0.7.1)
    concurrent-ruby (1.1.6)
    docopt (0.6.1)
    i18n (1.8.2)
      concurrent-ruby (~> 1.0)
    minitest (5.14.0)
    minitest-reporters (1.4.2)
      ansi
      builder
      minitest (>= 5.0)
      ruby-progressbar
    pretty_trace (0.2.4)
    rake (13.0.1)
    ruby-progressbar (1.10.1)
    runfile (0.11.0)
      colsole (~> 0.5)
      docopt (~> 0.5)
    thread_safe (0.3.6)
    tzinfo (1.2.6)
      thread_safe (~> 0.1)
    whois (5.0.1)
    whois-parser (1.2.0)
      activesupport (>= 4)
      whois (>= 4.0.7)
    zeitwerk (2.2.2)

PLATFORMS
  ruby

DEPENDENCIES
  byebug
  minitest
  minitest-reporters
  pretty_trace
  rake
  runfile
  whois
  whois-parser

BUNDLED WITH
   2.1.2
