GEM
  remote: https://rubygems.org/
  specs:
    activesupport (5.2.3)
      concurrent-ruby (~> 1.0, >= 1.0.2)
      i18n (>= 0.7, < 2)
      minitest (~> 5.1)
      tzinfo (~> 1.1)
    ansi (1.5.0)
    builder (3.2.3)
    byebug (11.0.1)
    colsole (0.5.4)
    concurrent-ruby (1.1.5)
    docopt (0.6.1)
    i18n (1.6.0)
      concurrent-ruby (~> 1.0)
    minitest (5.11.3)
    minitest-reporters (1.3.6)
      ansi
      builder
      minitest (>= 5.0)
      ruby-progressbar
    pretty_trace (0.2.2)
    rake (12.3.2)
    ruby-progressbar (1.10.1)
    runfile (0.11.0)
      colsole (~> 0.5)
      docopt (~> 0.5)
    thread_safe (0.3.6)
    tzinfo (1.2.5)
      thread_safe (~> 0.1)
    whois (4.1.0)
    whois-parser (1.2.0)
      activesupport (>= 4)
      whois (>= 4.0.7)

PLATFORMS
  ruby

DEPENDENCIES
  byebug
  minitest
  minitest-reporters
  pretty_trace
  rake
  runfile
  whois
  whois-parser

BUNDLED WITH
   1.17.3
